GEM
  remote: https://rubygems.org/
  specs:
    diff-lcs (1.2.5)
    rake (11.1.2)
    rspec-core (3.4.4)
      rspec-support (~> 3.4.0)
    rspec-expectations (3.4.0)
      diff-lcs (>= 1.2.0, < 2.0)
      rspec-support (~> 3.4.0)
    rspec-its (1.2.0)
      rspec-core (>= 3.0.0)
      rspec-expectations (>= 3.0.0)
    rspec-support (3.4.1)

PLATFORMS
  ruby

DEPENDENCIES
  rake (>= 10.1.1)
  rspec-its
